GEM
  remote: http://rubygems.org/
  specs:
    andand (1.3.1)
    bio (1.4.2)
    bsearch (1.5.0)
    builder (3.0.0)
    diff-lcs (1.1.3)
    git (1.2.5)
    jeweler (1.8.3)
      bundler (~> 1.0)
      git (>= 1.2.5)
      rake
      rdoc
    json (1.6.6)
    macaddr (1.5.0)
      systemu (>= 2.4.0)
    mspire (0.7.9)
      andand (>= 1.3.1)
      bio (~> 1.4.2)
      bsearch (>= 1.5.0)
      builder (~> 3.0.0)
      nokogiri (~> 1.5)
      obo (>= 0.1.0)
      trollop (~> 1.16.2)
      uuid (>= 2.3.5)
    nokogiri (1.5.2)
    nokogiri (1.5.2-x86-mingw32)
    obo (0.1.0)
    rake (0.9.2.2)
    rdoc (3.12)
      json (~> 1.4)
    rserve-client (0.3.0)
    rserve-simpler (0.0.6)
      rserve-client (~> 0.3.0)
    rspec (2.9.0)
      rspec-core (~> 2.9.0)
      rspec-expectations (~> 2.9.0)
      rspec-mocks (~> 2.9.0)
    rspec-core (2.9.0)
    rspec-expectations (2.9.1)
      diff-lcs (~> 1.1.3)
    rspec-mocks (2.9.0)
    systemu (2.5.0)
    trollop (1.16.2)
    uuid (2.3.5)
      macaddr (~> 1.0)

PLATFORMS
  ruby
  x86-mingw32

DEPENDENCIES
  bundler (~> 1.0)
  jeweler (~> 1.8.3)
  mspire
  rdoc (~> 3.12)
  rserve-simpler
  rspec (~> 2.8)
